PATH
  remote: .
  specs:
    facebook-cli (1.5.3)
      gli (~> 2.14)
      json (~> 2.0)
      jsonpath (~> 0.5)
      koala (~> 2.2)

GEM
  remote: https://rubygems.org/
  specs:
    addressable (2.5.0)
      public_suffix (~> 2.0, >= 2.0.2)
    faraday (0.10.1)
      multipart-post (>= 1.2, < 3)
    gli (2.14.0)
    json (2.0.2)
    jsonpath (0.8.3)
      multi_json
    koala (2.4.0)
      addressable
      faraday
      multi_json (>= 1.3.0)
    multi_json (1.12.1)
    multipart-post (2.0.0)
    public_suffix (2.0.5)

PLATFORMS
  ruby

DEPENDENCIES
  facebook-cli!
  gli
  json
  koala (~> 2.2)

BUNDLED WITH
   1.15.0
